GEM
  remote: http://rubygems.org/
  specs:
    addressable (2.2.0)
    data_objects (0.10.2)
      addressable (~> 2.1)
    dm-core (1.0.0)
      addressable (~> 2.1)
      extlib (~> 0.9.15)
    dm-do-adapter (1.0.0)
      data_objects (~> 0.10.1)
      dm-core (~> 1.0.0)
    dm-migrations (1.0.0)
      dm-core (~> 1.0.0)
    dm-sqlite-adapter (1.0.0)
      dm-do-adapter (~> 1.0.0)
      do_sqlite3 (~> 0.10.2)
    dm-timestamps (1.0.0)
      dm-core (~> 1.0.0)
    do_sqlite3 (0.10.2)
      data_objects (= 0.10.2)
    extlib (0.9.15)
    haml (3.0.18)
    hashie (0.4.0)
    json (1.4.6)
    mime-types (1.16)
    oauth (0.3.6)
      ruby-hmac (>= 0.3.1)
    rack (1.2.1)
    rack-flash (0.1.1)
      rack
    ruby-hmac (0.4.0)
    sinatra (1.0)
      rack (>= 1.0)
    twitter_oauth (0.4.1)
      json (>= 1.1.9)
      mime-types (>= 1.16)
      oauth (>= 0.3.6)

PLATFORMS
  ruby

DEPENDENCIES
  dm-core
  dm-migrations
  dm-sqlite-adapter
  dm-timestamps
  haml
  hashie
  oauth (= 0.3.6)
  rack-flash
  sinatra
  twitter_oauth (= 0.4.1)
